GIT
  remote: git://github.com/livingsocial/rake-pipeline.git
  revision: 3465e0e3e134bf52ddf5d138e8c8262412080095
  specs:
    rake-pipeline (0.6.0)
      rake (~> 0.9.0)
      thor

GIT
  remote: git://github.com/ruby-ldap/ruby-net-ldap.git
  revision: 8a182675f4f777fa15bdffab64ead773e034b7d0
  specs:
    net-ldap (0.4.0)

GIT
  remote: git://github.com/wycats/rake-pipeline-web-filters.git
  revision: e14e78ae70d0d25b1668c5273e80cd05a4ee52e6
  specs:
    rake-pipeline-web-filters (0.6.0)
      rack
      rake-pipeline (~> 0.6)

GIT
  remote: https://github.com/jamiehodge/ku-ldap.git
  revision: a43d3dd6c23d4ff5b5b6409d6fa4b809b82fcc6e
  specs:
    ku-ldap (0.0.1)
      net-ldap

GIT
  remote: https://github.com/jamiehodge/ku-media.git
  revision: 804852f142a36ad25b0ef7d7b444cf89713f5a8d
  specs:
    ku-media (0.0.1)
      addressable
      ku-ldap
      nokogiri
      sequel
      sequel_pg

GEM
  remote: http://rubygems.org/
  specs:
    addressable (2.3.2)
    backports (2.6.4)
    chunky_png (1.2.6)
    coffee-script (2.2.0)
      coffee-script-source
      execjs
    coffee-script-source (1.3.3)
    compass (0.12.2)
      chunky_png (~> 1.2)
      fssm (>= 0.2.7)
      sass (~> 3.1)
    eventmachine (0.12.10)
    execjs (1.4.0)
      multi_json (~> 1.0)
    fssm (0.2.9)
    git-deploy (0.5.4)
      net-scp
      net-ssh
      thor
    kgio (2.7.4)
    minitest (3.4.0)
    multi_json (1.3.6)
    net-scp (1.0.4)
      net-ssh (>= 1.99.1)
    net-ssh (2.5.2)
    nokogiri (1.5.5)
    pg (0.14.1)
    queue_classic (2.0.1)
      pg (~> 0.14.0)
      scrolls (~> 0.2.1)
    rack (1.4.1)
    rack-cache (1.2)
      rack (>= 0.4)
    rack-protection (1.2.0)
      rack
    rack-test (0.6.1)
      rack (>= 1.0)
    raindrops (0.10.0)
    rake (0.9.2.2)
    sass (3.2.1)
    scrolls (0.2.1)
    sequel (3.39.0)
    sequel_pg (1.6.0)
      pg (>= 0.8.0)
      sequel (>= 3.39.0)
    sinatra (1.3.3)
      rack (~> 1.3, >= 1.3.6)
      rack-protection (~> 1.2)
      tilt (~> 1.3, >= 1.3.3)
    sinatra-contrib (1.3.1)
      backports (>= 2.0)
      eventmachine
      rack-protection
      rack-test
      sinatra (~> 1.3.0)
      tilt (~> 1.3)
    slim (1.3.0)
      temple (~> 0.4.1)
      tilt (~> 1.3.3)
    susy (1.0.1)
      compass (>= 0.12.2)
      sass (>= 3.2.0)
    temple (0.4.1)
    thor (0.16.0)
    tilt (1.3.3)
    uglifier (1.3.0)
      execjs (>= 0.3.0)
      multi_json (~> 1.0, >= 1.0.2)
    unicorn (4.3.1)
      kgio (~> 2.6)
      rack
      raindrops (~> 0.7)
    warden (1.2.1)
      rack (>= 1.0)

PLATFORMS
  ruby

DEPENDENCIES
  addressable
  coffee-script
  compass
  git-deploy
  ku-ldap!
  ku-media!
  minitest
  net-ldap!
  nokogiri
  queue_classic
  rack-cache
  rack-test
  rake-pipeline!
  rake-pipeline-web-filters!
  sinatra
  sinatra-contrib
  slim
  susy
  uglifier
  unicorn
  warden
